GEM
  remote: http://rubygems.org/
  specs:
    minitest (5.10.3)
    rake (12.1.0)

PLATFORMS
  ruby

DEPENDENCIES
  minitest
  rake

BUNDLED WITH
   1.14.6
